GEM
  remote: https://rubygems.org/
  specs:
    metaclass (0.0.4)
    minitest (5.4.3)
    mocha (1.1.0)
      metaclass (~> 0.0.1)
    rake (10.4.0)
    yard (0.8.7.6)

PLATFORMS
  ruby

DEPENDENCIES
  minitest
  mocha
  rake
  yard
